GEM
  remote: https://rubygems.org/
  specs:
    backports (3.6.4)
    gares (0.1.3)
      hashie (~> 3.4)
      nokogiri (~> 1.6)
      unidecoder (~> 1.1)
    hashie (3.4.0)
    mini_portile (0.6.2)
    multi_json (1.10.1)
    nokogiri (1.6.6.2)
      mini_portile (~> 0.6.0)
    rack (1.5.2)
    rack-protection (1.5.3)
      rack
    rack-test (0.6.3)
      rack (>= 1.0)
    sinatra (1.4.5)
      rack (~> 1.4)
      rack-protection (~> 1.4)
      tilt (~> 1.3, >= 1.3.4)
    sinatra-contrib (1.4.2)
      backports (>= 2.0)
      multi_json
      rack-protection
      rack-test
      sinatra (~> 1.4.0)
      tilt (~> 1.3)
    tilt (1.4.1)
    unidecoder (1.1.2)

PLATFORMS
  ruby

DEPENDENCIES
  gares
  rack (= 1.5.2)
  sinatra
  sinatra-contrib
